GEM
  remote: https://rubygems.org/
  specs:
    net-http (0.4.0)
      uri
    thor (1.3.0)
    uri (0.13.0)

PLATFORMS
  x86_64-linux

DEPENDENCIES
  net-http
  thor

BUNDLED WITH
   2.4.22
